PATH
  remote: .
  specs:
    acts_as_manual_list (0.1.0)
      activerecord
      activesupport
      lazily

GEM
  remote: https://rubygems.org/
  specs:
    activemodel (5.0.0.beta3)
      activesupport (= 5.0.0.beta3)
    activerecord (5.0.0.beta3)
      activemodel (= 5.0.0.beta3)
      activesupport (= 5.0.0.beta3)
      arel (~> 7.0)
    activesupport (5.0.0.beta3)
      concurrent-ruby (~> 1.0)
      i18n (~> 0.7)
      minitest (~> 5.1)
      tzinfo (~> 1.1)
    arel (7.0.0)
    byebug (8.2.2)
    concurrent-ruby (1.0.1)
    i18n (0.7.0)
    lazily (0.2.1)
    minitest (5.8.4)
    rake (11.1.1)
    sqlite3 (1.3.11)
    thread_safe (0.3.5)
    tzinfo (1.2.2)
      thread_safe (~> 0.1)

PLATFORMS
  ruby

DEPENDENCIES
  acts_as_manual_list!
  byebug
  minitest
  rake
  sqlite3

BUNDLED WITH
   1.11.2
